PATH
  remote: .
  specs:
    ruby-lastpass (0.1.0)
      clipboard (~> 1.1)
      ffi

GEM
  remote: https://rubygems.org/
  specs:
    clipboard (1.1.2)
    diff-lcs (1.3)
    ffi (1.9.25)
    rake (10.5.0)
    rspec (3.8.0)
      rspec-core (~> 3.8.0)
      rspec-expectations (~> 3.8.0)
      rspec-mocks (~> 3.8.0)
    rspec-core (3.8.0)
      rspec-support (~> 3.8.0)
    rspec-expectations (3.8.2)
      diff-lcs (>= 1.2.0, < 2.0)
      rspec-support (~> 3.8.0)
    rspec-mocks (3.8.0)
      diff-lcs (>= 1.2.0, < 2.0)
      rspec-support (~> 3.8.0)
    rspec-support (3.8.0)

PLATFORMS
  ruby

DEPENDENCIES
  bundler (~> 1.17)
  rake (~> 10.0)
  rspec (~> 3.0)
  ruby-lastpass!

BUNDLED WITH
   1.17.1
